PATH
  remote: .
  specs:
    standard (0.4.2)
      rubocop (~> 0.83.0)
      rubocop-performance (>= 1.5.2, < 1.8.0)

GEM
  remote: https://rubygems.org/
  specs:
    ast (2.4.1)
    coderay (1.1.2)
    docile (1.3.2)
    gimme (0.5.0)
    method_source (0.9.2)
    minitest (5.14.0)
    parallel (1.19.2)
    parser (2.7.1.4)
      ast (~> 2.4.1)
    pry (0.12.2)
      coderay (~> 1.1.0)
      method_source (~> 0.9.0)
    rainbow (3.0.0)
    rake (13.0.1)
    rexml (3.2.4)
    rubocop (0.83.0)
      parallel (~> 1.10)
      parser (>= 2.7.0.1)
      rainbow (>= 2.2.2, < 4.0)
      rexml
      ruby-progressbar (~> 1.7)
      unicode-display_width (>= 1.4.0, < 2.0)
    rubocop-performance (1.7.0)
      rubocop (>= 0.82.0)
    ruby-progressbar (1.10.1)
    simplecov (0.18.2)
      docile (~> 1.1)
      simplecov-html (~> 0.11)
    simplecov-html (0.12.0)
    unicode-display_width (1.7.0)

PLATFORMS
  ruby

DEPENDENCIES
  bundler
  gimme
  minitest (~> 5.0)
  pry
  rake (~> 13.0)
  simplecov
  standard!

BUNDLED WITH
   2.1.4
